GEM
  remote: https://rubygems.org/
  specs:
    atk (3.4.1)
      glib2 (= 3.4.1)
    cairo (1.16.5)
      native-package-installer (>= 1.0.3)
      pkg-config (>= 1.2.2)
    cairo-gobject (3.4.1)
      cairo (>= 1.16.2)
      glib2 (= 3.4.1)
    coderay (1.1.2)
    gdk3 (3.4.1)
      cairo-gobject (= 3.4.1)
      gdk_pixbuf2 (= 3.4.1)
      pango (= 3.4.1)
    gdk_pixbuf2 (3.4.1)
      gio2 (= 3.4.1)
    gio2 (3.4.1)
      gobject-introspection (= 3.4.1)
    glib2 (3.4.1)
      native-package-installer (>= 1.0.3)
      pkg-config (>= 1.3.5)
    gobject-introspection (3.4.1)
      glib2 (= 3.4.1)
    gtk3 (3.4.1)
      atk (= 3.4.1)
      gdk3 (= 3.4.1)
      gdk_pixbuf2 (= 3.4.1)
      gio2 (= 3.4.1)
      pango (= 3.4.1)
    method_source (1.0.0)
    native-package-installer (1.0.9)
    pango (3.4.1)
      cairo-gobject (= 3.4.1)
      gobject-introspection (= 3.4.1)
    pkg-config (1.4.1)
    pry (0.13.1)
      coderay (~> 1.1)
      method_source (~> 1.0)
    ruby-prof (1.3.2)

PLATFORMS
  ruby

DEPENDENCIES
  gio2
  gtk3
  pry
  ruby-prof

RUBY VERSION
   ruby 2.7.0p0

BUNDLED WITH
   2.1.4
